PATH
  remote: .
  specs:
    em-msn (0.1)
      eventmachine
      rest-client

GEM
  remote: http://rubygems.org/
  specs:
    eventmachine (1.0.0)
    mime-types (1.19)
    rest-client (1.6.7)
      mime-types (>= 1.16)

PLATFORMS
  ruby

DEPENDENCIES
  em-msn!
